GEM
  remote: http://rubygems.org/
  specs:
    activemodel (3.0.10)
      activesupport (= 3.0.10)
      builder (~> 2.1.2)
      i18n (~> 0.5.0)
    activerecord (3.0.10)
      activemodel (= 3.0.10)
      activesupport (= 3.0.10)
      arel (~> 2.0.10)
      tzinfo (~> 0.3.23)
    activesupport (3.0.10)
    arel (2.0.10)
    builder (2.1.2)
    i18n (0.5.0)
    imagesize (0.1.1)
    logger (1.2.8)
    mysql (2.8.1)
    mysql2 (0.2.7)
    ruby-mp3info (0.6.15)
    tzinfo (0.3.29)

PLATFORMS
  ruby

DEPENDENCIES
  activerecord
  imagesize (~> 0.1.1)
  logger
  mysql
  mysql2 (= 0.2.7)
  ruby-mp3info
