GEM
  remote: http://rubygems.org/
  specs:
    activemodel (3.2.1)
      activesupport (= 3.2.1)
      builder (~> 3.0.0)
    activerecord (3.2.1)
      activemodel (= 3.2.1)
      activesupport (= 3.2.1)
      arel (~> 3.0.0)
      tzinfo (~> 0.3.29)
    activesupport (3.2.1)
      i18n (~> 0.6)
      multi_json (~> 1.0)
    apetag (1.1.2)
      cicphash (>= 1.0.0)
    arel (3.0.2)
    builder (3.0.0)
    cicphash (1.0.0)
    flacinfo-rb (0.4)
    i18n (0.6.0)
    logger (1.2.8)
    mp4info (1.7.3)
    multi_json (1.1.0)
    mysql (2.8.1)
    mysql2 (0.2.7)
    rmagick (2.13.1)
    ruby-audioinfo (0.1.7)
      apetag (= 1.1.2)
      flacinfo-rb (>= 0.4)
      mp4info (>= 1.7.3)
      ruby-mp3info (>= 0.6.3)
      ruby-ogginfo (>= 0.3.1)
      wmainfo-rb (>= 0.5)
    ruby-mp3info (0.6.16)
    ruby-ogginfo (0.6.6)
    tzinfo (0.3.31)
    wmainfo-rb (0.6)

PLATFORMS
  ruby

DEPENDENCIES
  activerecord
  logger
  mysql
  mysql2 (= 0.2.7)
  rmagick (~> 2.13.1)
  ruby-audioinfo
