GEM
  remote: http://rubygems.org/
  specs:
    activemodel (4.1.1)
      activesupport (= 4.1.1)
      builder (~> 3.1)
    activerecord (4.1.1)
      activemodel (= 4.1.1)
      activesupport (= 4.1.1)
      arel (~> 5.0.0)
    activesupport (4.1.1)
      i18n (~> 0.6, >= 0.6.9)
      json (~> 1.7, >= 1.7.7)
      minitest (~> 5.1)
      thread_safe (~> 0.1)
      tzinfo (~> 1.1)
    apetag (1.1.5)
      cicphash (>= 1.0.0)
    arel (5.0.1.20140414130214)
    builder (3.2.2)
    cicphash (1.1.0)
    flacinfo-rb (1.0)
    httparty (0.13.1)
      json (~> 1.8)
      multi_xml (>= 0.5.2)
    i18n (0.7.0)
    json (1.8.2)
    logger (1.2.8)
    minitest (5.5.1)
    moumar-wmainfo-rb (0.8)
    mp4info (1.7.3)
    multi_xml (0.5.5)
    mysql (2.9.1)
    mysql2 (0.3.16)
    ruby-audioinfo (0.5.0)
      apetag (>= 1.1.4)
      flacinfo-rb (>= 0.4)
      moumar-wmainfo-rb (>= 0.7)
      mp4info (>= 1.7.3)
      ruby-mp3info (>= 0.8)
      ruby-ogginfo (>= 0.7)
    ruby-mp3info (0.8.5)
    ruby-ogginfo (0.7.2)
    thread_safe (0.3.4)
    tzinfo (1.2.2)
      thread_safe (~> 0.1)
    wavefile (0.6.0)

PLATFORMS
  ruby

DEPENDENCIES
  activerecord (= 4.1.1)
  httparty (= 0.13.1)
  logger (= 1.2.8)
  mysql (= 2.9.1)
  mysql2 (= 0.3.16)
  ruby-audioinfo (= 0.5.0)
  wavefile (= 0.6.0)
